STORAGE: NONE
NUGET
  remote: https://api.nuget.org/v3/index.json
    FluentAssertions (6.12)
      System.Configuration.ConfigurationManager (>= 4.4) - restriction: || (&& (>= netcoreapp2.1) (< netstandard2.1)) (>= netcoreapp3.0)
      System.Threading.Tasks.Extensions (>= 4.5) - restriction: || (>= net47) (&& (< netcoreapp2.1) (>= netstandard2.0) (< netstandard2.1))
    Humanizer.Core (2.14.1) - restriction: >= net8.0
    Microsoft.Bcl.AsyncInterfaces (8.0) - restriction: || (>= net462) (&& (< net6.0) (>= netstandard2.0))
      System.Threading.Tasks.Extensions (>= 4.5.4) - restriction: || (>= net462) (&& (>= netstandard2.0) (< netstandard2.1))
    Microsoft.CodeAnalysis.Analyzers (3.3.4) - restriction: >= net8.0
    Microsoft.CodeAnalysis.Common (4.9.2) - restriction: >= net8.0
      Microsoft.CodeAnalysis.Analyzers (>= 3.3.4) - restriction: >= netstandard2.0
      System.Collections.Immutable (>= 8.0) - restriction: >= netstandard2.0
      System.Reflection.Metadata (>= 8.0) - restriction: >= netstandard2.0
      System.Runtime.CompilerServices.Unsafe (>= 6.0) - restriction: >= netstandard2.0
    Microsoft.CodeAnalysis.CSharp (4.9.2) - restriction: >= net8.0
      Microsoft.CodeAnalysis.Common (4.9.2) - restriction: >= netstandard2.0
    Microsoft.CodeAnalysis.CSharp.Workspaces (4.9.2) - restriction: >= net8.0
      Humanizer.Core (>= 2.14.1) - restriction: >= netstandard2.0
      Microsoft.CodeAnalysis.Common (4.9.2) - restriction: >= netstandard2.0
      Microsoft.CodeAnalysis.CSharp (4.9.2) - restriction: >= netstandard2.0
      Microsoft.CodeAnalysis.Workspaces.Common (4.9.2) - restriction: >= netstandard2.0
    Microsoft.CodeAnalysis.Workspaces.Common (4.9.2) - restriction: >= net8.0
      Humanizer.Core (>= 2.14.1) - restriction: >= netstandard2.0
      Microsoft.CodeAnalysis.Common (4.9.2) - restriction: >= netstandard2.0
      System.Composition (>= 8.0) - restriction: >= netstandard2.0
      System.IO.Pipelines (>= 8.0) - restriction: >= netstandard2.0
      System.Threading.Channels (>= 8.0) - restriction: >= netstandard2.0
    Microsoft.CodeCoverage (17.9) - restriction: || (>= net462) (>= netcoreapp3.1)
    Microsoft.EntityFrameworkCore (8.0.5)
      Microsoft.EntityFrameworkCore.Abstractions (>= 8.0.5) - restriction: >= net8.0
      Microsoft.EntityFrameworkCore.Analyzers (>= 8.0.5) - restriction: >= net8.0
      Microsoft.Extensions.Caching.Memory (>= 8.0) - restriction: >= net8.0
      Microsoft.Extensions.Logging (>= 8.0) - restriction: >= net8.0
    Microsoft.EntityFrameworkCore.Abstractions (8.0.5) - restriction: >= net8.0
    Microsoft.EntityFrameworkCore.Analyzers (8.0.5) - restriction: >= net8.0
    Microsoft.EntityFrameworkCore.Design (8.0.5)
      Humanizer.Core (>= 2.14.1) - restriction: >= net8.0
      Microsoft.CodeAnalysis.CSharp.Workspaces (>= 4.5) - restriction: >= net8.0
      Microsoft.EntityFrameworkCore.Relational (>= 8.0.5) - restriction: >= net8.0
      Microsoft.Extensions.DependencyModel (>= 8.0) - restriction: >= net8.0
      Mono.TextTemplating (>= 2.2.1) - restriction: >= net8.0
    Microsoft.EntityFrameworkCore.Relational (8.0.5) - restriction: >= net8.0
      Microsoft.EntityFrameworkCore (>= 8.0.5) - restriction: >= net8.0
      Microsoft.Extensions.Configuration.Abstractions (>= 8.0) - restriction: >= net8.0
    Microsoft.Extensions.Caching.Abstractions (8.0) - restriction: >= net8.0
      Microsoft.Extensions.Primitives (>= 8.0) - restriction: || (>= net462) (>= netstandard2.0)
    Microsoft.Extensions.Caching.Memory (8.0) - restriction: >= net8.0
      Microsoft.Extensions.Caching.Abstractions (>= 8.0) - restriction: || (>= net462) (>= netstandard2.0)
      Microsoft.Extensions.DependencyInjection.Abstractions (>= 8.0) - restriction: || (>= net462) (>= netstandard2.0)
      Microsoft.Extensions.Logging.Abstractions (>= 8.0) - restriction: || (>= net462) (>= netstandard2.0)
      Microsoft.Extensions.Options (>= 8.0) - restriction: || (>= net462) (>= netstandard2.0)
      Microsoft.Extensions.Primitives (>= 8.0) - restriction: || (>= net462) (>= netstandard2.0)
    Microsoft.Extensions.Configuration (8.0)
      Microsoft.Extensions.Configuration.Abstractions (>= 8.0) - restriction: || (>= net462) (>= netstandard2.0)
      Microsoft.Extensions.Primitives (>= 8.0) - restriction: || (>= net462) (>= netstandard2.0)
    Microsoft.Extensions.Configuration.Abstractions (8.0)
      Microsoft.Extensions.Primitives (>= 8.0) - restriction: || (>= net462) (>= netstandard2.0)
      System.ValueTuple (>= 4.5) - restriction: >= net462
    Microsoft.Extensions.Configuration.FileExtensions (8.0) - restriction: || (>= net462) (>= netstandard2.0)
      Microsoft.Extensions.Configuration (>= 8.0) - restriction: || (>= net462) (>= netstandard2.0)
      Microsoft.Extensions.Configuration.Abstractions (>= 8.0) - restriction: || (>= net462) (>= netstandard2.0)
      Microsoft.Extensions.FileProviders.Abstractions (>= 8.0) - restriction: || (>= net462) (>= netstandard2.0)
      Microsoft.Extensions.FileProviders.Physical (>= 8.0) - restriction: || (>= net462) (>= netstandard2.0)
      Microsoft.Extensions.Primitives (>= 8.0) - restriction: || (>= net462) (>= netstandard2.0)
    Microsoft.Extensions.Configuration.Json (8.0)
      Microsoft.Extensions.Configuration (>= 8.0) - restriction: || (>= net462) (>= netstandard2.0)
      Microsoft.Extensions.Configuration.Abstractions (>= 8.0) - restriction: || (>= net462) (>= netstandard2.0)
      Microsoft.Extensions.Configuration.FileExtensions (>= 8.0) - restriction: || (>= net462) (>= netstandard2.0)
      Microsoft.Extensions.FileProviders.Abstractions (>= 8.0) - restriction: || (>= net462) (>= netstandard2.0)
      System.Text.Json (>= 8.0) - restriction: || (>= net462) (>= netstandard2.0)
    Microsoft.Extensions.DependencyInjection (8.0) - restriction: >= net8.0
      Microsoft.Extensions.DependencyInjection.Abstractions (>= 8.0) - restriction: || (>= net462) (>= netstandard2.0)
    Microsoft.Extensions.DependencyInjection.Abstractions (8.0.1) - restriction: >= net8.0
    Microsoft.Extensions.DependencyModel (8.0) - restriction: >= net8.0
      System.Text.Encodings.Web (>= 8.0) - restriction: || (>= net462) (>= netstandard2.0)
      System.Text.Json (>= 8.0) - restriction: || (>= net462) (>= netstandard2.0)
    Microsoft.Extensions.FileProviders.Abstractions (8.0) - restriction: || (>= net462) (>= netstandard2.0)
      Microsoft.Extensions.Primitives (>= 8.0) - restriction: || (>= net462) (>= netstandard2.0)
    Microsoft.Extensions.FileProviders.Physical (8.0) - restriction: || (>= net462) (>= netstandard2.0)
      Microsoft.Extensions.FileProviders.Abstractions (>= 8.0) - restriction: || (>= net462) (>= netstandard2.0)
      Microsoft.Extensions.FileSystemGlobbing (>= 8.0) - restriction: || (>= net462) (>= netstandard2.0)
      Microsoft.Extensions.Primitives (>= 8.0) - restriction: || (>= net462) (>= netstandard2.0)
    Microsoft.Extensions.FileSystemGlobbing (8.0) - restriction: || (>= net462) (>= netstandard2.0)
    Microsoft.Extensions.Logging (8.0) - restriction: >= net8.0
      Microsoft.Extensions.DependencyInjection (>= 8.0) - restriction: || (>= net462) (>= netstandard2.0)
      Microsoft.Extensions.Logging.Abstractions (>= 8.0) - restriction: || (>= net462) (>= netstandard2.0)
      Microsoft.Extensions.Options (>= 8.0) - restriction: || (>= net462) (>= netstandard2.0)
    Microsoft.Extensions.Logging.Abstractions (8.0.1) - restriction: >= net8.0
      Microsoft.Extensions.DependencyInjection.Abstractions (>= 8.0.1) - restriction: || (>= net462) (>= netstandard2.0)
    Microsoft.Extensions.Options (8.0.2) - restriction: >= net8.0
      Microsoft.Extensions.DependencyInjection.Abstractions (>= 8.0) - restriction: || (>= net462) (>= netstandard2.0)
      Microsoft.Extensions.Primitives (>= 8.0) - restriction: || (>= net462) (>= netstandard2.0)
    Microsoft.Extensions.Primitives (8.0) - restriction: || (>= net462) (>= netstandard2.0)
      System.Memory (>= 4.5.5) - restriction: || (>= net462) (&& (< net6.0) (>= netstandard2.0))
      System.Runtime.CompilerServices.Unsafe (>= 6.0) - restriction: || (>= net462) (&& (>= net6.0) (< net7.0)) (&& (< net6.0) (>= netstandard2.0))
    Microsoft.NET.Test.Sdk (17.9)
      Microsoft.CodeCoverage (>= 17.9) - restriction: || (>= net462) (>= netcoreapp3.1)
      Microsoft.TestPlatform.TestHost (>= 17.9) - restriction: >= netcoreapp3.1
    Microsoft.TestPlatform.ObjectModel (17.9) - restriction: >= netcoreapp3.1
      System.Reflection.Metadata (>= 1.6) - restriction: || (>= net462) (>= netstandard2.0)
    Microsoft.TestPlatform.TestHost (17.9) - restriction: >= netcoreapp3.1
      Microsoft.TestPlatform.ObjectModel (>= 17.9) - restriction: >= netcoreapp3.1
      Newtonsoft.Json (>= 13.0.1) - restriction: >= netcoreapp3.1
    Mono.TextTemplating (2.3.1) - restriction: >= net8.0
      System.CodeDom (>= 5.0) - restriction: || (&& (< net472) (>= netstandard2.0)) (>= netcoreapp2.1)
    Newtonsoft.Json (13.0.3) - restriction: >= netcoreapp3.1
    Npgsql (8.0.3) - restriction: >= net8.0
      Microsoft.Extensions.Logging.Abstractions (>= 8.0) - restriction: >= netstandard2.0
    Npgsql.EntityFrameworkCore.PostgreSQL (8.0.4)
      Microsoft.EntityFrameworkCore (>= 8.0.4) - restriction: >= net8.0
      Microsoft.EntityFrameworkCore.Abstractions (>= 8.0.4) - restriction: >= net8.0
      Microsoft.EntityFrameworkCore.Relational (>= 8.0.4) - restriction: >= net8.0
      Npgsql (>= 8.0.3) - restriction: >= net8.0
    NUnit (4.1)
      System.Threading.Tasks.Extensions (>= 4.5.4) - restriction: >= net462
    System.Buffers (4.5.1) - restriction: || (&& (>= monoandroid) (< netstandard1.1) (>= netstandard2.0)) (&& (< monoandroid) (< netstandard1.1) (>= netstandard2.0) (< win8)) (&& (>= monotouch) (>= netstandard2.0)) (&& (< net45) (< netcoreapp2.0) (>= netstandard2.0)) (&& (>= net461) (>= netstandard2.0)) (>= net462) (&& (< net6.0) (>= netstandard2.0)) (&& (< net6.0) (>= xamarinios)) (&& (< net6.0) (>= xamarinmac)) (&& (< netstandard1.1) (>= netstandard2.0) (>= win8))
    System.CodeDom (8.0) - restriction: >= net8.0
    System.Collections.Immutable (8.0) - restriction: >= net8.0
    System.Composition (8.0) - restriction: >= net8.0
      System.Composition.AttributedModel (>= 8.0) - restriction: || (>= net462) (>= netstandard2.0)
      System.Composition.Convention (>= 8.0) - restriction: || (>= net462) (>= netstandard2.0)
      System.Composition.Hosting (>= 8.0) - restriction: || (>= net462) (>= netstandard2.0)
      System.Composition.Runtime (>= 8.0) - restriction: || (>= net462) (>= netstandard2.0)
      System.Composition.TypedParts (>= 8.0) - restriction: || (>= net462) (>= netstandard2.0)
    System.Composition.AttributedModel (8.0) - restriction: >= net8.0
    System.Composition.Convention (8.0) - restriction: >= net8.0
      System.Composition.AttributedModel (>= 8.0) - restriction: || (>= net462) (>= netstandard2.0)
    System.Composition.Hosting (8.0) - restriction: >= net8.0
      System.Composition.Runtime (>= 8.0) - restriction: || (>= net462) (>= netstandard2.0)
    System.Composition.Runtime (8.0) - restriction: >= net8.0
    System.Composition.TypedParts (8.0) - restriction: >= net8.0
      System.Composition.AttributedModel (>= 8.0) - restriction: || (>= net462) (>= netstandard2.0)
      System.Composition.Hosting (>= 8.0) - restriction: || (>= net462) (>= netstandard2.0)
      System.Composition.Runtime (>= 8.0) - restriction: || (>= net462) (>= netstandard2.0)
    System.Configuration.ConfigurationManager (8.0) - restriction: || (&& (>= netcoreapp2.1) (< netstandard2.1)) (>= netcoreapp3.0)
      System.Diagnostics.EventLog (>= 8.0) - restriction: >= net7.0
      System.Security.Cryptography.ProtectedData (>= 8.0) - restriction: || (&& (< net462) (>= netstandard2.0)) (>= net6.0)
    System.Diagnostics.EventLog (8.0) - restriction: >= net7.0
    System.IO.Pipelines (8.0) - restriction: >= net8.0
    System.Memory (4.5.5) - restriction: || (>= net462) (&& (>= net6.0) (< netstandard2.1)) (&& (< net6.0) (>= netcoreapp3.0)) (&& (< net6.0) (>= netstandard2.0)) (&& (>= netcoreapp2.1) (< netstandard2.1))
      System.Buffers (>= 4.5.1) - restriction: || (&& (>= monoandroid) (< netstandard1.1)) (&& (< monoandroid) (< net45) (>= netstandard1.1) (< netstandard2.0) (< win8) (< wpa81)) (&& (< monoandroid) (< netstandard1.1) (>= portable-net45+win8+wpa81) (< win8)) (>= monotouch) (&& (>= net45) (< netstandard2.0)) (&& (< net45) (< netcoreapp2.0) (>= netstandard2.0)) (>= net461) (&& (< netstandard1.1) (>= win8)) (&& (< netstandard2.0) (< uap10.1) (>= wpa81)) (>= xamarinios) (>= xamarinmac) (>= xamarintvos) (>= xamarinwatchos)
      System.Numerics.Vectors (>= 4.4) - restriction: && (< net45) (< netcoreapp2.0) (>= netstandard2.0) (< xamarinios) (< xamarinmac) (< xamarintvos) (< xamarinwatchos)
      System.Numerics.Vectors (>= 4.5) - restriction: >= net461
      System.Runtime.CompilerServices.Unsafe (>= 4.5.3) - restriction: || (&& (>= monoandroid) (< netstandard1.1)) (&& (< monoandroid) (< net45) (>= netstandard1.1) (< netstandard2.0) (< win8) (< wpa81)) (&& (< monoandroid) (>= netcoreapp2.0) (< netcoreapp2.1)) (&& (< monoandroid) (< netstandard1.1) (>= portable-net45+win8+wpa81) (< win8)) (>= monotouch) (&& (>= net45) (< netstandard2.0)) (&& (< net45) (< netcoreapp2.0) (>= netstandard2.0)) (>= net461) (&& (< netstandard1.1) (>= win8)) (&& (< netstandard2.0) (>= wpa81)) (>= uap10.1) (>= xamarinios) (>= xamarinmac) (>= xamarintvos) (>= xamarinwatchos)
    System.Numerics.Vectors (4.5) - restriction: || (&& (< net45) (< netcoreapp2.0) (>= netstandard2.0) (< xamarinios) (< xamarinmac) (< xamarintvos) (< xamarinwatchos)) (&& (>= net461) (>= netstandard2.0)) (>= net462)
    System.Reflection.Metadata (8.0) - restriction: >= netcoreapp3.1
      System.Collections.Immutable (>= 8.0) - restriction: || (>= net462) (>= netstandard2.0)
    System.Runtime.CompilerServices.Unsafe (6.0) - restriction: || (&& (>= monoandroid) (< netstandard1.1) (>= netstandard2.0)) (&& (< monoandroid) (>= netcoreapp2.0) (< netcoreapp2.1)) (&& (< monoandroid) (< netstandard1.1) (>= netstandard2.0) (< win8)) (&& (>= monotouch) (>= netstandard2.0)) (&& (< net45) (< netcoreapp2.0) (>= netstandard2.0)) (&& (>= net461) (>= netstandard2.0)) (>= net462) (&& (>= net6.0) (< net7.0)) (&& (< net6.0) (>= netstandard2.0)) (&& (< net6.0) (>= xamarinios)) (&& (< net6.0) (>= xamarinmac)) (>= net8.0) (&& (< netstandard1.1) (>= netstandard2.0) (>= win8)) (&& (>= netstandard2.0) (>= uap10.1))
    System.Security.Cryptography.ProtectedData (8.0) - restriction: || (&& (>= net6.0) (< netstandard2.1)) (&& (>= netcoreapp2.1) (< netstandard2.1)) (>= netcoreapp3.0)
      System.Memory (>= 4.5.5) - restriction: && (< net462) (< net6.0) (>= netstandard2.0)
    System.Text.Encodings.Web (8.0) - restriction: || (>= net462) (>= netstandard2.0)
    System.Text.Json (8.0.3) - restriction: || (>= net462) (>= netstandard2.0)
      Microsoft.Bcl.AsyncInterfaces (>= 8.0) - restriction: || (>= net462) (&& (< net6.0) (>= netstandard2.0))
      System.Buffers (>= 4.5.1) - restriction: || (>= net462) (&& (< net6.0) (>= netstandard2.0))
      System.Memory (>= 4.5.5) - restriction: || (>= net462) (&& (< net6.0) (>= netstandard2.0))
      System.Runtime.CompilerServices.Unsafe (>= 6.0) - restriction: || (>= net462) (&& (>= net6.0) (< net7.0)) (&& (< net6.0) (>= netstandard2.0))
      System.Text.Encodings.Web (>= 8.0) - restriction: || (>= net462) (>= netstandard2.0)
      System.Threading.Tasks.Extensions (>= 4.5.4) - restriction: || (>= net462) (&& (< net6.0) (>= netstandard2.0))
      System.ValueTuple (>= 4.5) - restriction: >= net462
    System.Threading.Channels (8.0) - restriction: >= net8.0
    System.Threading.Tasks.Extensions (4.5.4) - restriction: || (>= net462) (&& (< net6.0) (>= netstandard2.0)) (&& (>= netstandard2.0) (< netstandard2.1))
      System.Runtime.CompilerServices.Unsafe (>= 4.5.3) - restriction: || (&& (< monoandroid) (< monotouch) (< net45) (>= netstandard1.0) (< netstandard2.0) (< win8) (< wpa81) (< xamarintvos) (< xamarinwatchos)) (&& (< monoandroid) (< netstandard1.0) (>= portable-net45+win8+wp8+wpa81) (< win8)) (&& (>= net45) (< netstandard2.0)) (&& (< net45) (< netcoreapp2.1) (>= netstandard2.0) (< xamarinios) (< xamarinmac) (< xamarintvos) (< xamarinwatchos)) (>= net461) (&& (< netstandard1.0) (>= win8)) (&& (< netstandard2.0) (>= wpa81)) (>= wp8)
    System.ValueTuple (4.5) - restriction: >= net462
